GEM
  remote: https://rubygems.org/
  specs:
    chunky_png (1.3.5)
    coderay (1.1.0)
    erubis (2.7.0)
    method_source (0.8.2)
    mixlib-shellout (2.2.5)
    oily_png (1.2.0)
      chunky_png (~> 1.3.1)
    pry (0.10.3)
      coderay (~> 1.1.0)
      method_source (~> 0.8.1)
      slop (~> 3.4)
    rake (10.5.0)
    slop (3.6.0)

PLATFORMS
  ruby

DEPENDENCIES
  chunky_png
  erubis
  mixlib-shellout
  oily_png
  pry
  rake

BUNDLED WITH
   1.10.6
